GEM
  remote: https://rubygems.org/
  specs:
    celluloid (0.16.0)
      timers (~> 4.0.0)
    daemons (1.1.9)
    eventmachine (1.0.3)
    haml (4.0.6)
      tilt
    hitimes (1.2.2)
    mini_portile (0.6.1)
    netaddr (1.5.0)
    nokogiri (1.6.5)
      mini_portile (~> 0.6.0)
    rack (1.5.2)
    rack-protection (1.5.3)
      rack
    rprogram (0.3.2)
    ruby-nmap (0.7.0)
      nokogiri (~> 1.3)
      rprogram (~> 0.3)
    sinatra (1.4.5)
      rack (~> 1.4)
      rack-protection (~> 1.4)
      tilt (~> 1.3, >= 1.3.4)
    sucker_punch (1.3.1)
      celluloid (~> 0.16.0)
    thin (1.6.3)
      daemons (~> 1.0, >= 1.0.9)
      eventmachine (~> 1.0)
      rack (~> 1.0)
    tilt (1.4.1)
    timers (4.0.1)
      hitimes

PLATFORMS
  ruby

DEPENDENCIES
  haml
  netaddr
  ruby-nmap
  sinatra
  sucker_punch
  thin
